GEM
  remote: https://rubygems.org/
  specs:
    aws-sdk-core (2.2.0)
      jmespath (~> 1.0)
    aws-sdk-resources (2.2.0)
      aws-sdk-core (= 2.2.0)
    blobstore_client (1.3262.24.0)
      aws-sdk-resources (= 2.2.0)
      bosh_common (~> 1.3262.24.0)
      httpclient (= 2.7.1)
      multi_json (~> 1.1)
    bosh-template (1.3262.24.0)
      semi_semantic (~> 1.2.0)
    bosh_cli (1.3262.24.0)
      blobstore_client (~> 1.3262.24.0)
      bosh-template (~> 1.3262.24.0)
      bosh_common (~> 1.3262.24.0)
      cf-uaa-lib (~> 3.2.1)
      highline (~> 1.6.2)
      httpclient (= 2.7.1)
      json_pure (~> 1.7)
      minitar (~> 0.5.4)
      net-scp (~> 1.1.0)
      net-ssh (= 2.9.2)
      net-ssh-gateway (~> 1.2.0)
      netaddr (>= 2.0.4)
      progressbar (~> 0.9.0)
      sshkey (~> 1.7.0)
      terminal-table (~> 1.4.3)
    bosh_common (1.3262.24.0)
      logging (~> 1.8.2)
      semi_semantic (~> 1.2.0)
    cf-uaa-lib (3.2.5)
      multi_json
    highline (1.6.21)
    httpclient (2.7.1)
    jmespath (1.3.1)
    json_pure (1.8.3)
    little-plugger (1.1.4)
    logging (1.8.2)
      little-plugger (>= 1.1.3)
      multi_json (>= 1.8.4)
    minitar (0.5.4)
    multi_json (1.12.1)
    net-scp (1.1.2)
      net-ssh (>= 2.6.5)
    net-ssh (2.9.2)
    net-ssh-gateway (1.2.0)
      net-ssh (>= 2.6.5)
    netaddr (2.0.6)
    progressbar (0.9.2)
    semi_semantic (1.2.0)
    sshkey (1.7.0)
    terminal-table (1.4.5)

PLATFORMS
  ruby

DEPENDENCIES
  bosh_cli

BUNDLED WITH
   1.13.6
